PATH
  remote: .
  specs:
    learn-analytics-ruby (0.1.0)

GEM
  remote: https://rubygems.org/
  specs:
    diff-lcs (1.3)
    rake (13.0.1)
    rspec (3.8.0)
      rspec-core (~> 3.8.0)
      rspec-expectations (~> 3.8.0)
      rspec-mocks (~> 3.8.0)
    rspec-core (3.8.0)
      rspec-support (~> 3.8.0)
    rspec-expectations (3.8.2)
      diff-lcs (>= 1.2.0, < 2.0)
      rspec-support (~> 3.8.0)
    rspec-mocks (3.8.0)
      diff-lcs (>= 1.2.0, < 2.0)
      rspec-support (~> 3.8.0)
    rspec-support (3.8.0)
    simple_segment (0.3.0)

PLATFORMS
  ruby

DEPENDENCIES
  bundler (~> 2.0)
  learn-analytics-ruby!
  rake (~> 13.0)
  rspec (~> 3.0)
  simple_segment (~> 0.3.0)

BUNDLED WITH
   2.0.1
